PATH
  remote: .
  specs:
    fit4ruby (3.0.0)
      bindata (~> 2.4.3)

GEM
  remote: https://rubygems.org/
  specs:
    bindata (2.4.3)
    diff-lcs (1.3)
    rake (10.5.0)
    rspec (3.7.0)
      rspec-core (~> 3.7.0)
      rspec-expectations (~> 3.7.0)
      rspec-mocks (~> 3.7.0)
    rspec-core (3.7.1)
      rspec-support (~> 3.7.0)
    rspec-expectations (3.7.0)
      diff-lcs (>= 1.2.0, < 2.0)
      rspec-support (~> 3.7.0)
    rspec-mocks (3.7.0)
      diff-lcs (>= 1.2.0, < 2.0)
      rspec-support (~> 3.7.0)
    rspec-support (3.7.1)
    yard (0.9.12)

PLATFORMS
  ruby

DEPENDENCIES
  bundler (~> 1.16)
  fit4ruby!
  rake (~> 10.0)
  rspec (~> 3.0)
  yard (~> 0.9.12)

BUNDLED WITH
   1.16.0
